GEM
  remote: http://rubygems.org/
  specs:
    addressable (2.3.2)
    backports (2.8.2)
    dalli (2.6.2)
    eventmachine (1.0.0)
    excon (0.16.10)
    haml (3.1.7)
    heroku (2.35.0)
      heroku-api (~> 0.3.7)
      launchy (>= 0.3.2)
      netrc (~> 0.7.7)
      rest-client (~> 1.6.1)
      rubyzip
    heroku-api (0.3.7)
      excon (~> 0.16.10)
    kgio (2.8.0)
    launchy (2.2.0)
      addressable (~> 2.3)
    memcachier (0.0.2)
    mime-types (1.21)
    netrc (0.7.7)
    r18n-core (1.1.3)
    rack (1.5.2)
    rack-cache (1.2)
      rack (>= 0.4)
    rack-protection (1.3.2)
      rack
    rack-test (0.6.2)
      rack (>= 1.0)
    raindrops (0.10.0)
    rest-client (1.6.7)
      mime-types (>= 1.16)
    rubyzip (0.9.9)
    sinatra (1.3.4)
      rack (~> 1.4)
      rack-protection (~> 1.3)
      tilt (~> 1.3, >= 1.3.3)
    sinatra-contrib (1.3.2)
      backports (>= 2.0)
      eventmachine
      rack-protection
      rack-test
      sinatra (~> 1.3.0)
      tilt (~> 1.3)
    sinatra-initializers (0.1.4)
    sinatra-r18n (1.1.3)
      r18n-core (= 1.1.3)
      sinatra (>= 1.3)
    sinatra-reloader (1.0)
      sinatra-contrib
    tilt (1.3.3)
    unicorn (4.6.0)
      kgio (~> 2.6)
      rack
      raindrops (~> 0.7)

PLATFORMS
  ruby

DEPENDENCIES
  dalli
  haml
  heroku
  memcachier
  rack-cache
  sinatra
  sinatra-initializers
  sinatra-r18n
  sinatra-reloader
  unicorn
